GEM
  remote: https://rubygems.org/
  specs:
    byebug (11.1.1)
    cfgstore (2.2.1)
      hashie
      monkey-hash
    coderay (1.1.2)
    hashie (4.1.0)
    io-console (0.5.6)
    irb (1.2.3)
      reline (>= 0.0.1)
    method_source (1.0.0)
    monkey-hash (1.2.0)
      msgpack
    msgpack (1.3.3)
    pry (0.13.1)
      coderay (~> 1.1)
      method_source (~> 1.0)
    pry-byebug (3.9.0)
      byebug (~> 11.0)
      pry (~> 0.13.0)
    reline (0.1.3)
      io-console (~> 0.5)
    sequel (5.31.0)

PLATFORMS
  ruby

DEPENDENCIES
  cfgstore!
  hashie!
  irb!
  monkey-hash!
  pry!
  pry-byebug!
  sequel!

BUNDLED WITH
   2.1.4
