GEM
  remote: https://rubygems.org/
  remote: http://10.40.10.3:9292/
  specs:
    byebug (10.0.2)
    cfgstore (2.1.3)
      hashie
      monkey-hash
    coderay (1.1.2)
    hashie (4.1.0)
    io-console (0.5.6)
    irb (1.2.1)
      reline (>= 0.0.1)
    method_source (1.0.0)
    monkey-hash (1.1.1)
      msgpack
    msgpack (1.3.3)
    pry (0.13.0)
      coderay (~> 1.1)
      method_source (~> 1.0)
    pry-byebug (3.6.0)
      byebug (~> 10.0)
      pry (~> 0.10)
    reline (0.1.3)
      io-console (~> 0.5)
    sequel (5.30.0)

PLATFORMS
  ruby

DEPENDENCIES
  cfgstore!
  hashie!
  irb (= 1.2.1)!
  monkey-hash!
  pry!
  pry-byebug (= 3.6.0)!
  sequel!

BUNDLED WITH
   2.1.4
